PATH
  remote: .
  specs:
    ocf_parser (0.0.1)
      nokogiri (>= 1.5.0)
      rubyzip (>= 0.9.6)

GEM
  remote: http://ruby.taobao.org/
  specs:
    diff-lcs (1.1.3)
    nokogiri (1.5.2)
    rspec (2.9.0)
      rspec-core (~> 2.9.0)
      rspec-expectations (~> 2.9.0)
      rspec-mocks (~> 2.9.0)
    rspec-core (2.9.0)
    rspec-expectations (2.9.1)
      diff-lcs (~> 1.1.3)
    rspec-mocks (2.9.0)
    rubyzip (0.9.7)

PLATFORMS
  ruby

DEPENDENCIES
  ocf_parser!
  rspec (>= 2)
